GEM
  remote: https://rubygems.org/
  specs:
    cuba (3.1.0)
      rack
    cuba-contrib (3.1.0)
      cuba (~> 3.1)
    cutest (1.2.0)
    mote (1.1.1)
    mysql2 (0.3.11)
    rack (1.5.0)
    rake (10.0.3)
    redis (3.0.2)
    rr (1.0.4)
    sequel (3.43.0)
    shotgun (0.9)
      rack (>= 1.0)

PLATFORMS
  ruby

DEPENDENCIES
  cuba (= 3.1.0)
  cuba-contrib (= 3.1.0)
  cutest (= 1.2.0)
  mote (= 1.1.1)
  mysql2
  rake
  redis (= 3.0.2)
  rr (= 1.0.4)
  sequel
  shotgun
